GEM
  remote: https://rubygems.org/
  specs:
    hanzo (1.0.2)
      highline (>= 1.6.19)
    highline (1.7.10)

PLATFORMS
  ruby

DEPENDENCIES
  hanzo

BUNDLED WITH
   1.15.4
